STORAGE: NONE
RESTRICTION: == net8.0
NUGET
  remote: https://api.nuget.org/v3/index.json
    Expecto (10.1)
      FSharp.Core (>= 7.0.200)
      Mono.Cecil (>= 0.11.4 < 1.0)
    Expecto.FsCheck (10.1.0-fscheck3)
      Expecto (>= 10.1)
      FsCheck (>= 3.0.0-beta2)
    FParsec (2.0.0-beta2)
      FSharp.Core (>= 4.3.4)
    FsCheck (3.0.0-rc1)
      FSharp.Core (>= 5.0.2)
    FSharp.Control.AsyncSeq (3.2.1)
      FSharp.Core (>= 4.7.2)
      Microsoft.Bcl.AsyncInterfaces (>= 5.0)
    FSharp.Control.TaskSeq (0.4.0-alpha.1)
      FSharp.Core (>= 6.0.1)
    FSharp.Core (8.0.100)
    FSharpx.Async (1.14.1)
      FSharp.Control.AsyncSeq (>= 2.0.21)
      FSharp.Core (>= 4.6.2)
    FSharpx.Collections (3.1)
      FSharp.Core (>= 4.3.4)
    FSharpx.Extras (3.1)
      FSharp.Core (>= 4.6.2)
      FSharpx.Async (>= 1.14.1)
      FSharpx.Collections (>= 2.1.2)
      System.Reflection.Emit.Lightweight (>= 4.7)
    Microsoft.Bcl.AsyncInterfaces (8.0)
    Microsoft.CodeCoverage (17.9.0-preview-23531-01)
    Microsoft.CSharp (4.7)
    Microsoft.NET.Test.Sdk (17.9.0-preview-23531-01)
      Microsoft.CodeCoverage (>= 17.9.0-preview-23531-01)
      Microsoft.TestPlatform.TestHost (>= 17.9.0-preview-23531-01)
    Microsoft.TestPlatform.ObjectModel (17.9.0-preview-23531-01)
      System.Reflection.Metadata (>= 1.6)
    Microsoft.TestPlatform.TestHost (17.9.0-preview-23531-01)
      Microsoft.TestPlatform.ObjectModel (>= 17.9.0-preview-23531-01)
      Newtonsoft.Json (>= 13.0.1)
    Mono.Cecil (0.11.5)
    Newtonsoft.Json (13.0.3)
    System.Collections.Immutable (8.0)
    System.CommandLine (2.0.0-beta4.22272.1)
    System.CommandLine.NamingConventionBinder (2.0.0-beta4.22272.1)
      System.CommandLine (>= 2.0.0-beta4.22272.1)
    System.CommandLine.Rendering (0.4.0-alpha.22272.1)
      Microsoft.CSharp (>= 4.7)
      System.CommandLine (>= 2.0.0-beta4.22272.1)
    System.Reflection.Emit.Lightweight (4.7)
    System.Reflection.Metadata (8.0)
      System.Collections.Immutable (>= 8.0)
    YoloDev.Expecto.TestSdk (0.14.3)
      Expecto (>= 10.0 < 11.0)
      FSharp.Core (>= 7.0.200)
      System.Collections.Immutable (>= 6.0)
